PATH
  remote: .
  specs:
    command_utils (0.4.6)

GEM
  remote: https://rubygems.org/
  specs:
    agita (0.4.0)
    coderay (1.1.1)
    diff-lcs (1.2.5)
    docile (1.1.5)
    gem_polisher (0.4.12)
      agita (~> 0.1)
      semantic (~> 1.4, >= 1.4.1)
    json (1.8.3)
    rake (10.5.0)
    rspec (3.4.0)
      rspec-core (~> 3.4.0)
      rspec-expectations (~> 3.4.0)
      rspec-mocks (~> 3.4.0)
    rspec-core (3.4.4)
      rspec-support (~> 3.4.0)
    rspec-expectations (3.4.0)
      diff-lcs (>= 1.2.0, < 2.0)
      rspec-support (~> 3.4.0)
    rspec-mocks (3.4.1)
      diff-lcs (>= 1.2.0, < 2.0)
      rspec-support (~> 3.4.0)
    rspec-support (3.4.1)
    semantic (1.4.1)
    simplecov (0.11.2)
      docile (~> 1.1.0)
      json (~> 1.8)
      simplecov-html (~> 0.10.0)
    simplecov-html (0.10.0)

PLATFORMS
  ruby

DEPENDENCIES
  coderay (~> 1.1, >= 1.1.1)
  command_utils!
  gem_polisher (~> 0.4, >= 0.4.12)
  rake (~> 10.4, >= 10.4.2)
  rspec (~> 3.3)
  simplecov (~> 0.10)

BUNDLED WITH
   1.12.5
